GEM
  remote: https://rubygems.org/
  specs:
    curb (0.9.3)

PLATFORMS
  ruby

DEPENDENCIES
  curb (~> 0.9)

BUNDLED WITH
   1.12.4
